GEM
  remote: http://rubygems.org/
  specs:
    POpen4 (0.1.4)
      Platform (>= 0.4.0)
      open4
    Platform (0.4.0)
    RedCloth (4.2.9)
    coderay (1.0.9)
    haml (3.1.8)
    htmlcompressor (0.0.7)
      yui-compressor (~> 0.9.6)
    method_source (0.8.1)
    mime-types (1.23)
    nesta (0.9.13)
      RedCloth (~> 4.2)
      haml (~> 3.1)
      rack (~> 1.1)
      rdiscount (~> 1.6)
      sass (~> 3.1)
      shotgun (>= 0.8)
      sinatra (~> 1.3)
    nesta-plugin-google-ads (0.0.1)
      nesta (>= 0.9.11)
    nesta-plugin-sharethis (0.0.2)
      nesta (>= 0.9.11)
    nesta-plugin-smartmeta (0.0.1)
      nesta (>= 0.9.11)
    nokogiri (1.5.9)
    open4 (1.3.0)
    plist (3.1.0)
    pry (0.9.12.1)
      coderay (~> 1.0.5)
      method_source (~> 0.8)
      slop (~> 3.4)
    pry-doc (0.4.5)
      pry (>= 0.9)
      yard (>= 0.8)
    puma (2.14.0)
    rack (1.5.2)
    rack-codehighlighter (0.5.0)
      nokogiri (>= 1.4.1)
      rack (>= 1.0.0)
    rack-hard-copy (0.0.3)
      mime-types (>= 1.22)
      rack (>= 1.5.2)
    rack-host-redirect (1.2.1)
      rack
    rack-protection (1.5.0)
      rack
    rack-test (0.6.2)
      rack (>= 1.0)
    rake (10.0.4)
    rdiscount (1.6.8)
    sass (3.2.12)
    shotgun (0.9)
      rack (>= 1.0)
    sinatra (1.4.3)
      rack (~> 1.4)
      rack-protection (~> 1.4)
      tilt (~> 1.3, >= 1.3.4)
    slop (3.4.4)
    textpow (1.3.1)
      plist (>= 3.0.1)
    tilt (1.4.1)
    ultraviolet (1.0.0)
      textpow (>= 1.3.0)
    yard (0.8.6.1)
    yui-compressor (0.9.6)
      POpen4 (>= 0.1.4)

PLATFORMS
  ruby

DEPENDENCIES
  htmlcompressor
  mime-types
  nesta
  nesta-plugin-google-ads
  nesta-plugin-sharethis
  nesta-plugin-smartmeta
  pry
  pry-doc
  puma
  rack-codehighlighter
  rack-hard-copy
  rack-host-redirect
  rack-test
  rake
  shotgun
  ultraviolet
