GEM
  remote: http://rubygems.org/
  specs:
    RedCloth (4.2.9)
    coderay (1.1.0)
    haml (4.1.0.beta.1)
      tilt
    haml-contrib (1.0.0.1)
      haml (>= 3.2.0.alpha.13)
    htmlcompressor (0.3.0)
    method_source (0.8.2)
    mime-types (3.0)
      mime-types-data (~> 3.2015)
    mime-types-data (3.2015.1120)
    mini_portile2 (2.0.0)
    nesta (0.11.1)
      RedCloth (~> 4.2)
      haml (>= 3.1)
      haml-contrib (>= 1.0)
      rack (>= 1.3)
      rdiscount (~> 2.1)
      sass (>= 3.1)
      sinatra (~> 1.4)
      tilt (~> 1.4)
    nesta-plugin-google-ads (0.0.1)
      nesta (>= 0.9.11)
    nesta-plugin-sharethis (0.0.2)
      nesta (>= 0.9.11)
    nesta-plugin-smartmeta (0.0.1)
      nesta (>= 0.9.11)
    nokogiri (1.6.7.2)
      mini_portile2 (~> 2.0.0.rc2)
    plist (3.2.0)
    pry (0.10.3)
      coderay (~> 1.1.0)
      method_source (~> 0.8.1)
      slop (~> 3.4)
    pry-doc (0.8.0)
      pry (~> 0.9)
      yard (~> 0.8)
    puma (2.16.0)
    rack (1.6.4)
    rack-codehighlighter (0.5.1)
      nokogiri (>= 1.4.1)
      rack (>= 1.0.0)
    rack-hard-copy (0.0.3)
      mime-types (>= 1.22)
      rack (>= 1.5.2)
    rack-host-redirect (1.2.1)
      rack
    rack-protection (1.5.3)
      rack
    rack-rewrite (1.5.1)
    rack-test (0.6.3)
      rack (>= 1.0)
    rake (10.5.0)
    rdiscount (2.1.8)
    sass (3.4.21)
    shotgun (0.9.1)
      rack (>= 1.0)
    sinatra (1.4.7)
      rack (~> 1.5)
      rack-protection (~> 1.4)
      tilt (>= 1.3, < 3)
    slop (3.6.0)
    textpow (1.4.0)
      plist (>= 3.0.1)
    tilt (1.4.1)
    ultraviolet (1.0.1)
      textpow (>= 1.3.0)
    yard (0.8.7.6)

PLATFORMS
  ruby

DEPENDENCIES
  htmlcompressor
  mime-types
  nesta
  nesta-plugin-google-ads
  nesta-plugin-sharethis
  nesta-plugin-smartmeta
  pry
  pry-doc
  puma
  rack-codehighlighter
  rack-hard-copy
  rack-host-redirect
  rack-rewrite
  rack-test
  rake
  shotgun
  ultraviolet
